PATH
  remote: .
  specs:
    ssh4iot (0.0.1)
      mongo
      net-ssh
      rake (~> 12.0)
      roda
      whenever

GEM
  remote: https://rubygems.org/
  specs:
    bson (4.10.0)
    byebug (11.1.3)
    chronic (0.10.2)
    diff-lcs (1.4.4)
    mongo (2.13.0)
      bson (>= 4.8.2, < 5.0.0)
    net-ssh (6.1.0)
    rack (2.2.3)
    rake (12.3.3)
    roda (3.36.0)
      rack
    rspec (3.9.0)
      rspec-core (~> 3.9.0)
      rspec-expectations (~> 3.9.0)
      rspec-mocks (~> 3.9.0)
    rspec-core (3.9.3)
      rspec-support (~> 3.9.3)
    rspec-expectations (3.9.2)
      diff-lcs (>= 1.2.0, < 2.0)
      rspec-support (~> 3.9.0)
    rspec-mocks (3.9.1)
      diff-lcs (>= 1.2.0, < 2.0)
      rspec-support (~> 3.9.0)
    rspec-support (3.9.3)
    whenever (1.0.0)
      chronic (>= 0.6.3)

PLATFORMS
  ruby

DEPENDENCIES
  byebug
  rspec (~> 3.0)
  ssh4iot!

BUNDLED WITH
   2.1.4
